GIT
  remote: git://github.com/freerange/mocha.git
  revision: f1ff6475ca2871f2977ab84cabbbfe2adadbbee6
  branch: minitest-and-testunit-integration-without-monkey-patching
  specs:
    mocha (0.12.3)
      metaclass (~> 0.0.1)

GEM
  remote: http://rubygems.org/
  specs:
    activesupport (3.2.8)
      i18n (~> 0.6)
      multi_json (~> 1.0)
    i18n (0.6.0)
    metaclass (0.0.1)
    multi_json (1.3.6)
    rake (0.9.2.2)

PLATFORMS
  ruby

DEPENDENCIES
  activesupport
  mocha!
  rake
