GEM
  remote: http://rubygems.org/
  specs:
    activesupport (3.2.8)
      i18n (~> 0.6)
      multi_json (~> 1.0)
    i18n (0.6.0)
    metaclass (0.0.1)
    minitest (3.3.0)
    mocha (0.12.3)
      metaclass (~> 0.0.1)
    multi_json (1.3.6)

PLATFORMS
  ruby

DEPENDENCIES
  activesupport
  minitest
  mocha
